GEM
  remote: https://rubygems.org/
  specs:
    dotenv (2.7.6)
    faraday (1.3.0)
      faraday-net_http (~> 1.0)
      multipart-post (>= 1.2, < 3)
      ruby2_keywords
    faraday-net_http (1.0.1)
    faraday_middleware (1.0.0)
      faraday (~> 1.0)
    hashie (4.1.0)
    jwt (2.2.2)
    multipart-post (2.1.1)
    restforce (5.0.5)
      faraday (>= 0.9.0, <= 2.0)
      faraday_middleware (>= 0.8.8, <= 2.0)
      hashie (>= 1.2.0, < 5.0)
      jwt (>= 1.5.6)
    ruby2_keywords (0.0.4)

PLATFORMS
  x64-mingw32

DEPENDENCIES
  dotenv
  restforce (~> 5.0.5)

BUNDLED WITH
   2.2.16
